GIT
  remote: https://github.com/emberjs/docs-generator.git
  revision: cfbc2a3aabc08de305224b290ad8f37f3ef5f847
  specs:
    ember-docs (0.1)
      rack
      thor

GIT
  remote: https://github.com/livingsocial/rake-pipeline.git
  revision: 543f4322fe70facee9572d29ddabf7f090dad68a
  specs:
    rake-pipeline (0.6.0)
      rake (~> 0.9.0)
      thor

GIT
  remote: https://github.com/wycats/rake-pipeline-web-filters.git
  revision: 81a22fb0808dfdeab8ed92d5d8c898ad198b9938
  specs:
    rake-pipeline-web-filters (0.6.0)
      rack
      rake-pipeline (~> 0.6)

GEM
  remote: http://rubygems.org/
  specs:
    colored (1.2)
    execjs (1.4.0)
      multi_json (~> 1.0)
    json (1.7.7)
    multi_json (1.3.6)
    rack (1.4.1)
    rake (0.9.2.2)
    thor (0.15.4)
    uglifier (1.0.4)
      execjs (>= 0.3.0)
      multi_json (>= 1.0.2)

PLATFORMS
  ruby

DEPENDENCIES
  colored
  ember-docs!
  json
  rake-pipeline!
  rake-pipeline-web-filters!
  uglifier (~> 1.0.3)
